GIT
  remote: git://github.com/efatsi/harvested.git
  revision: 1fdb8aa90652d16653d0c8f04307dad5c0d0f107
  specs:
    harvested (1.0.1)
      hashie (~> 1)
      httparty
      json

GEM
  specs:
    hashie (1.2.0)
    httparty (0.11.0)
      multi_json (~> 1.0)
      multi_xml (>= 0.5.2)
    json (1.8.0)
    multi_json (1.8.1)
    multi_xml (0.5.5)
    rack (1.5.2)
    rack-protection (1.5.0)
      rack
    sinatra (1.4.3)
      rack (~> 1.4)
      rack-protection (~> 1.4)
      tilt (~> 1.3, >= 1.3.4)
    tilt (1.4.1)

PLATFORMS
  ruby

DEPENDENCIES
  harvested!
  sinatra
